GEM
  remote: https://rubygems.org/
  specs:
    hatenablog (0.2.2)
      nokogiri (~> 1.6.6)
      oauth (~> 0.4.7)
    mini_portile2 (2.0.0)
    nokogiri (1.6.7.2)
      mini_portile2 (~> 2.0.0.rc2)
    oauth (0.4.7)

PLATFORMS
  ruby

DEPENDENCIES
  hatenablog

BUNDLED WITH
   1.10.6
